GIT
  remote: git@github.com:marsz/omniauth-line.git
  revision: 88364b276d60db4c689f97388af949d6ff8c15c2
  specs:
    omniauth-line (0.1.0)
      json (>= 2.3.0)
      omniauth-oauth2 (~> 1.3)

PATH
  remote: tyr
  specs:
    tyr (0.1.0)
      activerecord-postgis-adapter (~> 5.2)
      acts_as_list
      asset_sync
      attr_json (> 0)
      aws-sdk-rails
      aws-sdk-s3
      aws-sdk-ses
      aws-sdk-sns
      breadcrumbs_on_rails
      carrierwave (>= 2)
      coffee-rails
      connection_pool
      dalli
      devise
      devise-async
      dotenv-rails (~> 2.2)
      fog-aws
      geocoder (> 0)
      google-authenticator-rails (> 0)
      hashdiff (> 0)
      htmlcompressor (> 0)
      jbuilder
      jquery-rails
      kaminari
      kramdown (> 0)
      lograge (> 0)
      meta-tags
      mini_magick
      nested_form
      omniauth (>= 2.0)
      omniauth-facebook (> 0.0)
      omniauth-github (> 0.0)
      omniauth-google-oauth2 (> 0.0)
      omniauth-oauth2 (> 0.0)
      omniauth-rails
      omniauth-rails_csrf_protection (>= 1.0)
      paper_trail
      paranoia
      pg (~> 1.0)
      phonelib (> 0)
      pundit (> 0)
      rack-cors
      rack-utf8_sanitizer (> 0)
      rails (~> 5.2)
      ransack (>= 2.4)
      recaptcha (> 0)
      redis (< 4)
      redis-objects
      rollbar
      sassc-rails
      settingslogic (>= 2)
      sidekiq (< 6)
      sidekiq-limit_fetch
      sidekiq-scheduler
      simple_form
      sinatra
      sitemap_generator
      slack-notifier
      slim
      spreadsheet (> 0)
      sprockets (~> 3)
      tappay (> 0)
      uglifier (> 4)
      yaml_db (> 0)

GEM
  remote: https://rubygems.org/
  specs:
    actioncable (5.2.6)
      actionpack (= 5.2.6)
      nio4r (~> 2.0)
      websocket-driver (>= 0.6.1)
    actionmailer (5.2.6)
      actionpack (= 5.2.6)
      actionview (= 5.2.6)
      activejob (= 5.2.6)
      mail (~> 2.5, >= 2.5.4)
      rails-dom-testing (~> 2.0)
    actionpack (5.2.6)
      actionview (= 5.2.6)
      activesupport (= 5.2.6)
      rack (~> 2.0, >= 2.0.8)
      rack-test (>= 0.6.3)
      rails-dom-testing (~> 2.0)
      rails-html-sanitizer (~> 1.0, >= 1.0.2)
    actionview (5.2.6)
      activesupport (= 5.2.6)
      builder (~> 3.1)
      erubi (~> 1.4)
      rails-dom-testing (~> 2.0)
      rails-html-sanitizer (~> 1.0, >= 1.0.3)
    activejob (5.2.6)
      activesupport (= 5.2.6)
      globalid (>= 0.3.6)
    activemodel (5.2.6)
      activesupport (= 5.2.6)
    activerecord (5.2.6)
      activemodel (= 5.2.6)
      activesupport (= 5.2.6)
      arel (>= 9.0)
    activerecord-postgis-adapter (5.2.3)
      activerecord (~> 5.1)
      rgeo-activerecord (~> 6.0)
    activestorage (5.2.6)
      actionpack (= 5.2.6)
      activerecord (= 5.2.6)
      marcel (~> 1.0.0)
    activesupport (5.2.6)
      concurrent-ruby (~> 1.0, >= 1.0.2)
      i18n (>= 0.7, < 2)
      minitest (~> 5.1)
      tzinfo (~> 1.1)
    acts_as_list (1.0.4)
      activerecord (>= 4.2)
    addressable (2.7.0)
      public_suffix (>= 2.0.2, < 5.0)
    airbrussh (1.4.0)
      sshkit (>= 1.6.1, != 1.7.0)
    annotate (3.1.1)
      activerecord (>= 3.2, < 7.0)
      rake (>= 10.4, < 14.0)
    arel (9.0.0)
    asset_sync (2.14.2)
      activemodel (>= 4.1.0)
      fog-core
      mime-types (>= 2.99)
      unf
    ast (2.4.2)
    attr_json (1.3.0)
      activerecord (>= 5.0.0, < 6.2)
    aws-eventstream (1.1.1)
    aws-partitions (1.472.0)
    aws-record (2.6.0)
      aws-sdk-dynamodb (~> 1.18)
    aws-sdk-core (3.115.0)
      aws-eventstream (~> 1, >= 1.0.2)
      aws-partitions (~> 1, >= 1.239.0)
      aws-sigv4 (~> 1.1)
      jmespath (~> 1.0)
    aws-sdk-dynamodb (1.60.0)
      aws-sdk-core (~> 3, >= 3.112.0)
      aws-sigv4 (~> 1.1)
    aws-sdk-kms (1.44.0)
      aws-sdk-core (~> 3, >= 3.112.0)
      aws-sigv4 (~> 1.1)
    aws-sdk-rails (3.6.1)
      aws-record (~> 2)
      aws-sdk-ses (~> 1)
      aws-sdk-sqs (~> 1)
      aws-sessionstore-dynamodb (~> 2)
      concurrent-ruby (~> 1)
      railties (>= 5.2.0)
    aws-sdk-s3 (1.96.1)
      aws-sdk-core (~> 3, >= 3.112.0)
      aws-sdk-kms (~> 1)
      aws-sigv4 (~> 1.1)
    aws-sdk-ses (1.38.0)
      aws-sdk-core (~> 3, >= 3.112.0)
      aws-sigv4 (~> 1.1)
    aws-sdk-sns (1.41.0)
      aws-sdk-core (~> 3, >= 3.112.0)
      aws-sigv4 (~> 1.1)
    aws-sdk-sqs (1.39.0)
      aws-sdk-core (~> 3, >= 3.112.0)
      aws-sigv4 (~> 1.1)
    aws-sessionstore-dynamodb (2.0.1)
      aws-sdk-dynamodb (~> 1)
      rack (~> 2)
    aws-sigv4 (1.2.3)
      aws-eventstream (~> 1, >= 1.0.2)
    base64 (0.1.1)
    bcrypt (3.1.16)
    bootsnap (1.7.5)
      msgpack (~> 1.0)
    brakeman (4.10.1)
    breadcrumbs_on_rails (4.1.0)
      railties (>= 5.0)
    builder (3.2.4)
    byebug (11.1.3)
    capistrano (3.16.0)
      airbrussh (>= 1.0.0)
      i18n
      rake (>= 10.0.0)
      sshkit (>= 1.9.0)
    capistrano-bundler (2.0.1)
      capistrano (~> 3.1)
    capistrano-git-with-submodules (2.0.4)
      capistrano (~> 3.7)
    capistrano-nvm (0.0.7)
      capistrano (~> 3.1)
    capistrano-rails (1.6.1)
      capistrano (~> 3.1)
      capistrano-bundler (>= 1.1, < 3)
    capistrano-rbenv (2.2.0)
      capistrano (~> 3.1)
      sshkit (~> 1.3)
    capistrano-sidekiq (1.0.3)
      capistrano (>= 3.9.0)
      sidekiq (>= 3.4, < 6.0)
    capistrano-yarn (2.0.2)
      capistrano (~> 3.0)
    capistrano3-unicorn (0.2.1)
      capistrano (~> 3.1, >= 3.1.0)
    carrierwave (2.2.2)
      activemodel (>= 5.0.0)
      activesupport (>= 5.0.0)
      addressable (~> 2.6)
      image_processing (~> 1.1)
      marcel (~> 1.0.0)
      mini_mime (>= 0.1.3)
      ssrf_filter (~> 1.0)
    coffee-rails (5.0.0)
      coffee-script (>= 2.2.0)
      railties (>= 5.2.0)
    coffee-script (2.4.1)
      coffee-script-source
      execjs
    coffee-script-source (1.12.2)
    concurrent-ruby (1.2.2)
    connection_pool (2.2.5)
    crack (0.4.5)
      rexml
    crass (1.0.6)
    cucumber-gherkin (14.2.0)
      cucumber-messages (~> 12.4, >= 12.4.0)
    cucumber-messages (12.4.0)
      protobuf-cucumber (~> 3.10, >= 3.10.8)
    dalli (2.7.11)
    database_cleaner (2.0.1)
      database_cleaner-active_record (~> 2.0.0)
    database_cleaner-active_record (2.0.1)
      activerecord (>= 5.a)
      database_cleaner-core (~> 2.0.0)
    database_cleaner-core (2.0.1)
    devise (4.8.0)
      bcrypt (~> 3.0)
      orm_adapter (~> 0.1)
      railties (>= 4.1.0)
      responders
      warden (~> 1.2.3)
    devise-async (1.0.0)
      activejob (>= 5.0)
      devise (>= 4.0)
    diff-lcs (1.4.4)
    dotenv (2.7.6)
    dotenv-rails (2.7.6)
      dotenv (= 2.7.6)
      railties (>= 3.2)
    e2mmap (0.1.0)
    erubi (1.10.0)
    et-orbi (1.2.4)
      tzinfo
    excon (0.83.0)
    execjs (2.8.1)
    factory_bot (6.2.0)
      activesupport (>= 5.0.0)
    factory_bot_rails (6.2.0)
      factory_bot (~> 6.2.0)
      railties (>= 5.0.0)
    faraday (1.4.3)
      faraday-em_http (~> 1.0)
      faraday-em_synchrony (~> 1.0)
      faraday-excon (~> 1.1)
      faraday-net_http (~> 1.0)
      faraday-net_http_persistent (~> 1.1)
      multipart-post (>= 1.2, < 3)
      ruby2_keywords (>= 0.0.4)
    faraday-em_http (1.0.0)
    faraday-em_synchrony (1.0.0)
    faraday-excon (1.1.0)
    faraday-net_http (1.0.1)
    faraday-net_http_persistent (1.1.0)
    ffi (1.15.3)
    fog-aws (3.10.0)
      fog-core (~> 2.1)
      fog-json (~> 1.1)
      fog-xml (~> 0.1)
      ipaddress (~> 0.8)
    fog-core (2.2.4)
      builder
      excon (~> 0.71)
      formatador (~> 0.2)
      mime-types
    fog-json (1.2.0)
      fog-core
      multi_json (~> 1.10)
    fog-xml (0.1.3)
      fog-core
      nokogiri (>= 1.5.11, < 2.0.0)
    formatador (0.3.0)
    fugit (1.5.0)
      et-orbi (~> 1.1, >= 1.1.8)
      raabro (~> 1.4)
    geocoder (1.6.7)
    globalid (0.4.2)
      activesupport (>= 4.2.0)
    google-authenticator-rails (2.0.0)
      actionpack
      activerecord
      google-qr
      rails
      rotp (= 3.3.0)
    google-qr (0.2.2)
    hashdiff (1.0.1)
    hashie (4.1.0)
    htmlcompressor (0.4.0)
    http_logger (0.6.0)
    i18n (1.14.1)
      concurrent-ruby (~> 1.0)
    image_processing (1.12.1)
      mini_magick (>= 4.9.5, < 5)
      ruby-vips (>= 2.0.17, < 3)
    ipaddress (0.8.3)
    jbuilder (2.11.2)
      activesupport (>= 5.0.0)
    jmespath (1.4.0)
    jquery-rails (4.4.0)
      rails-dom-testing (>= 1, < 3)
      railties (>= 4.2.0)
      thor (>= 0.14, < 2.0)
    json (2.5.1)
    jwt (2.2.3)
    kaminari (1.2.1)
      activesupport (>= 4.1.0)
      kaminari-actionview (= 1.2.1)
      kaminari-activerecord (= 1.2.1)
      kaminari-core (= 1.2.1)
    kaminari-actionview (1.2.1)
      actionview
      kaminari-core (= 1.2.1)
    kaminari-activerecord (1.2.1)
      activerecord
      kaminari-core (= 1.2.1)
    kaminari-core (1.2.1)
    kgio (2.11.4)
    kramdown (2.3.1)
      rexml
    language_server-protocol (3.17.0.3)
    listen (3.5.1)
      rb-fsevent (~> 0.10, >= 0.10.3)
      rb-inotify (~> 0.9, >= 0.9.10)
    lograge (0.11.2)
      actionpack (>= 4)
      activesupport (>= 4)
      railties (>= 4)
      request_store (~> 1.0)
    loofah (2.10.0)
      crass (~> 1.0.2)
      nokogiri (>= 1.5.9)
    mail (2.7.1)
      mini_mime (>= 0.1.1)
    marcel (1.0.1)
    meta-tags (2.14.0)
      actionpack (>= 3.2.0, < 6.2)
    method_source (1.0.0)
    middleware (0.1.0)
    mime-types (3.3.1)
      mime-types-data (~> 3.2015)
    mime-types-data (3.2021.0225)
    mini_magick (4.11.0)
    mini_mime (1.1.0)
    mini_portile2 (2.5.3)
    minitest (5.20.0)
    msgpack (1.4.2)
    multi_json (1.15.0)
    multi_xml (0.6.0)
    multipart-post (2.1.1)
    mustermann (1.1.1)
      ruby2_keywords (~> 0.0.1)
    nested_form (0.3.2)
    net-scp (3.0.0)
      net-ssh (>= 2.6.5, < 7.0.0)
    net-ssh (6.1.0)
    nio4r (2.5.7)
    nokogiri (1.11.7)
      mini_portile2 (~> 2.5.0)
      racc (~> 1.4)
    oauth2 (1.4.7)
      faraday (>= 0.8, < 2.0)
      jwt (>= 1.0, < 3.0)
      multi_json (~> 1.3)
      multi_xml (~> 0.5)
      rack (>= 1.2, < 3)
    omniauth (2.0.4)
      hashie (>= 3.4.6)
      rack (>= 1.6.2, < 3)
      rack-protection
    omniauth-facebook (8.0.0)
      omniauth-oauth2 (~> 1.2)
    omniauth-github (2.0.0)
      omniauth (~> 2.0)
      omniauth-oauth2 (~> 1.7.1)
    omniauth-google-oauth2 (1.0.0)
      jwt (>= 2.0)
      oauth2 (~> 1.1)
      omniauth (~> 2.0)
      omniauth-oauth2 (~> 1.7.1)
    omniauth-oauth2 (1.7.1)
      oauth2 (~> 1.4)
      omniauth (>= 1.9, < 3)
    omniauth-rails (0.6.0)
      omniauth
      rails
    omniauth-rails_csrf_protection (1.0.0)
      actionpack (>= 4.2)
      omniauth (~> 2.0)
    orm_adapter (0.5.0)
    paper_trail (12.0.0)
      activerecord (>= 5.2)
      request_store (~> 1.1)
    parallel (1.23.0)
    paranoia (2.4.3)
      activerecord (>= 4.0, < 6.2)
    parser (3.2.2.3)
      ast (~> 2.4.1)
      racc
    pg (1.2.3)
    phonelib (0.6.51)
    protobuf-cucumber (3.10.8)
      activesupport (>= 3.2)
      middleware
      thor
      thread_safe
    public_suffix (4.0.6)
    pundit (2.1.0)
      activesupport (>= 3.0.0)
    raabro (1.4.0)
    racc (1.5.2)
    rack (2.2.8)
    rack-cors (1.1.1)
      rack (>= 2.0.0)
    rack-protection (2.1.0)
      rack
    rack-proxy (0.7.0)
      rack
    rack-test (1.1.0)
      rack (>= 1.0, < 3)
    rack-utf8_sanitizer (1.7.0)
      rack (>= 1.0, < 3.0)
    rails (5.2.6)
      actioncable (= 5.2.6)
      actionmailer (= 5.2.6)
      actionpack (= 5.2.6)
      actionview (= 5.2.6)
      activejob (= 5.2.6)
      activemodel (= 5.2.6)
      activerecord (= 5.2.6)
      activestorage (= 5.2.6)
      activesupport (= 5.2.6)
      bundler (>= 1.3.0)
      railties (= 5.2.6)
      sprockets-rails (>= 2.0.0)
    rails-dom-testing (2.0.3)
      activesupport (>= 4.2.0)
      nokogiri (>= 1.6)
    rails-html-sanitizer (1.3.0)
      loofah (~> 2.3)
    rails_real_favicon (0.1.1)
      json (>= 1.7, < 3)
      rails
      rubyzip (~> 2)
    railties (5.2.6)
      actionpack (= 5.2.6)
      activesupport (= 5.2.6)
      method_source
      rake (>= 0.8.7)
      thor (>= 0.19.0, < 2.0)
    rainbow (3.1.1)
    raindrops (0.19.2)
    rake (13.0.3)
    ransack (2.4.2)
      activerecord (>= 5.2.4)
      activesupport (>= 5.2.4)
      i18n
    rb-fsevent (0.11.0)
    rb-inotify (0.10.1)
      ffi (~> 1.0)
    recaptcha (5.8.0)
      json
    redis (3.3.5)
    redis-objects (1.3.1)
      redis (~> 3.3)
    regexp_parser (2.8.1)
    request_store (1.5.0)
      rack (>= 1.4)
    responders (3.0.1)
      actionpack (>= 5.0)
      railties (>= 5.0)
    rexml (3.2.6)
    rgeo (2.3.0)
    rgeo-activerecord (6.2.2)
      activerecord (>= 5.0)
      rgeo (>= 1.0.0)
    rollbar (3.2.0)
    rotp (3.3.0)
    rspec (3.10.0)
      rspec-core (~> 3.10.0)
      rspec-expectations (~> 3.10.0)
      rspec-mocks (~> 3.10.0)
    rspec-core (3.10.1)
      rspec-support (~> 3.10.0)
    rspec-expectations (3.10.1)
      diff-lcs (>= 1.2.0, < 2.0)
      rspec-support (~> 3.10.0)
    rspec-mocks (3.10.2)
      diff-lcs (>= 1.2.0, < 2.0)
      rspec-support (~> 3.10.0)
    rspec-rails (5.0.1)
      actionpack (>= 5.2)
      activesupport (>= 5.2)
      railties (>= 5.2)
      rspec-core (~> 3.10)
      rspec-expectations (~> 3.10)
      rspec-mocks (~> 3.10)
      rspec-support (~> 3.10)
    rspec-support (3.10.2)
    rubocop (1.56.3)
      base64 (~> 0.1.1)
      json (~> 2.3)
      language_server-protocol (>= 3.17.0)
      parallel (~> 1.10)
      parser (>= 3.2.2.3)
      rainbow (>= 2.2.2, < 4.0)
      regexp_parser (>= 1.8, < 3.0)
      rexml (>= 3.2.5, < 4.0)
      rubocop-ast (>= 1.28.1, < 2.0)
      ruby-progressbar (~> 1.7)
      unicode-display_width (>= 2.4.0, < 3.0)
    rubocop-ast (1.29.0)
      parser (>= 3.2.1.0)
    rubocop-rails (2.21.1)
      activesupport (>= 4.2.0)
      rack (>= 1.1)
      rubocop (>= 1.33.0, < 2.0)
    rubocop-rspec (2.4.0)
      rubocop (~> 1.0)
      rubocop-ast (>= 1.1.0)
    ruby-ole (1.2.12.2)
    ruby-progressbar (1.13.0)
    ruby-vips (2.1.2)
      ffi (~> 1.12)
    ruby2_keywords (0.0.4)
    rubyzip (2.3.0)
    rufus-scheduler (3.7.0)
      fugit (~> 1.1, >= 1.1.6)
    sassc (2.4.0)
      ffi (~> 1.9)
    sassc-rails (2.1.2)
      railties (>= 4.0.0)
      sassc (>= 2.0)
      sprockets (> 3.0)
      sprockets-rails
      tilt
    settingslogic (2.0.9)
    sidekiq (5.2.9)
      connection_pool (~> 2.2, >= 2.2.2)
      rack (~> 2.0)
      rack-protection (>= 1.5.0)
      redis (>= 3.3.5, < 4.2)
    sidekiq-limit_fetch (3.4.0)
      sidekiq (>= 4)
    sidekiq-scheduler (3.1.0)
      e2mmap
      redis (>= 3, < 5)
      rufus-scheduler (~> 3.2)
      sidekiq (>= 3)
      thwait
      tilt (>= 1.4.0)
    simple_form (5.1.0)
      actionpack (>= 5.2)
      activemodel (>= 5.2)
    sinatra (2.1.0)
      mustermann (~> 1.0)
      rack (~> 2.2)
      rack-protection (= 2.1.0)
      tilt (~> 2.0)
    sitemap_generator (6.1.2)
      builder (~> 3.0)
    slack-notifier (2.4.0)
    slackistrano (4.0.1)
      capistrano (>= 3.8.1)
    slim (4.1.0)
      temple (>= 0.7.6, < 0.9)
      tilt (>= 2.0.6, < 2.1)
    spreadsheet (1.2.9)
      ruby-ole
    sprockets (3.7.2)
      concurrent-ruby (~> 1.0)
      rack (> 1, < 3)
    sprockets-rails (3.2.2)
      actionpack (>= 4.0)
      activesupport (>= 4.0)
      sprockets (>= 3.0.0)
    sshkit (1.21.2)
      net-scp (>= 1.1.2)
      net-ssh (>= 2.8.0)
    ssrf_filter (1.0.7)
    tappay (2.0.0)
    temple (0.8.2)
    thor (1.1.0)
    thread_safe (0.3.6)
    thwait (0.2.0)
      e2mmap
    tilt (2.0.10)
    timecop (0.9.4)
    turbolinks (5.2.1)
      turbolinks-source (~> 5.2)
    turbolinks-source (5.2.0)
    turnip (4.3.0)
      cucumber-gherkin (~> 14.0)
      rspec (>= 3.0, < 4.0)
    tzinfo (1.2.11)
      thread_safe (~> 0.1)
    uglifier (4.2.0)
      execjs (>= 0.3.0, < 3)
    unf (0.1.4)
      unf_ext
    unf_ext (0.0.7.7)
    unicode-display_width (2.4.2)
    unicorn (6.0.0)
      kgio (~> 2.6)
      raindrops (~> 0.7)
    warden (1.2.9)
      rack (>= 2.0.9)
    webmock (3.13.0)
      addressable (>= 2.3.6)
      crack (>= 0.3.2)
      hashdiff (>= 0.4.0, < 2.0.0)
    webpacker (4.3.0)
      activesupport (>= 4.2)
      rack-proxy (>= 0.6.1)
      railties (>= 4.2)
    websocket-driver (0.7.5)
      websocket-extensions (>= 0.1.0)
    websocket-extensions (0.1.5)
    yaml_db (0.7.0)
      rails (>= 3.0)
      rake (>= 0.8.7)

PLATFORMS
  ruby

DEPENDENCIES
  activerecord-postgis-adapter
  annotate
  bootsnap (>= 1.1.0)
  brakeman (~> 4)
  byebug
  capistrano
  capistrano-bundler
  capistrano-git-with-submodules
  capistrano-nvm
  capistrano-rails
  capistrano-rbenv
  capistrano-sidekiq
  capistrano-yarn
  capistrano3-unicorn
  coffee-rails
  database_cleaner
  factory_bot_rails
  http_logger
  jquery-rails
  listen
  omniauth-line!
  pg
  rails (~> 5.2)
  rails_real_favicon
  rspec
  rspec-rails
  rubocop
  rubocop-rails
  rubocop-rspec
  sassc-rails
  slackistrano
  timecop
  turbolinks (~> 5)
  turnip
  tyr!
  uglifier
  unicorn
  webmock
  webpacker (~> 4.x)

RUBY VERSION
   ruby 2.6.6p146

BUNDLED WITH
   2.2.19
